GEM
  remote: http://rubygems.org/
  specs:
    airbrussh (1.0.2)
      sshkit (>= 1.6.1, != 1.7.0)
    builder (3.2.2)
    capistrano (3.5.0)
      airbrussh (>= 1.0.0)
      capistrano-harrow
      i18n
      rake (>= 10.0.0)
      sshkit (>= 1.9.0)
    capistrano-harrow (0.5.1)
    chef (12.11.18)
      bundler (>= 1.10)
      chef-config (= 12.11.18)
      chef-zero (~> 4.5)
      diff-lcs (~> 1.2, >= 1.2.4)
      erubis (~> 2.7)
      ffi-yajl (~> 2.2)
      highline (~> 1.6, >= 1.6.9)
      iniparse (~> 1.4)
      mixlib-authentication (~> 1.4)
      mixlib-cli (~> 1.4)
      mixlib-log (~> 1.3)
      mixlib-shellout (~> 2.0)
      net-sftp (~> 2.1, >= 2.1.2)
      net-ssh (>= 2.9, < 4.0)
      net-ssh-multi (~> 1.1)
      ohai (>= 8.6.0.alpha.1, < 9)
      plist (~> 3.2)
      proxifier (~> 1.0)
      rspec-core (~> 3.4)
      rspec-expectations (~> 3.4)
      rspec-mocks (~> 3.4)
      rspec_junit_formatter (~> 0.2.0)
      serverspec (~> 2.7)
      specinfra (~> 2.10)
      syslog-logger (~> 1.6)
      uuidtools (~> 2.1.5)
    chef-config (12.11.18)
      fuzzyurl (~> 0.8.0)
      mixlib-config (~> 2.0)
      mixlib-shellout (~> 2.0)
    chef-zero (4.6.2)
      ffi-yajl (~> 2.2)
      hashie (>= 2.0, < 4.0)
      mixlib-log (~> 1.3)
      rack
      uuidtools (~> 2.1)
    chunky_png (1.3.5)
    compass (1.0.3)
      chunky_png (~> 1.2)
      compass-core (~> 1.0.2)
      compass-import-once (~> 1.0.5)
      rb-fsevent (>= 0.9.3)
      rb-inotify (>= 0.9)
      sass (>= 3.3.13, < 3.5)
    compass-core (1.0.3)
      multi_json (~> 1.0)
      sass (>= 3.3.0, < 3.5)
    compass-import-once (1.0.5)
      sass (>= 3.2, < 3.5)
    diff-lcs (1.2.5)
    erubis (2.7.0)
    ffi (1.9.10)
    ffi-yajl (2.2.3)
      libyajl2 (~> 1.2)
    fuzzyurl (0.8.0)
    hashie (3.4.4)
    highline (1.7.8)
    i18n (0.7.0)
    iniparse (1.4.2)
    ipaddress (0.8.3)
    knife-solo (0.6.0)
      chef (>= 10.20)
      erubis (~> 2.7.0)
      net-ssh (>= 2.7, < 4.0)
    libyajl2 (1.2.0)
    mixlib-authentication (1.4.1)
      mixlib-log
    mixlib-cli (1.6.0)
    mixlib-config (2.2.1)
    mixlib-log (1.6.0)
    mixlib-shellout (2.2.6)
    multi_json (1.12.1)
    net-scp (1.2.1)
      net-ssh (>= 2.6.5)
    net-sftp (2.1.2)
      net-ssh (>= 2.6.5)
    net-ssh (3.1.1)
    net-ssh-gateway (1.2.0)
      net-ssh (>= 2.6.5)
    net-ssh-multi (1.2.1)
      net-ssh (>= 2.6.5)
      net-ssh-gateway (>= 1.2.0)
    net-telnet (0.1.1)
    ohai (8.17.0)
      chef-config (>= 12.5.0.alpha.1, < 13)
      ffi (~> 1.9)
      ffi-yajl (~> 2.2)
      ipaddress
      mixlib-cli
      mixlib-config (~> 2.0)
      mixlib-log
      mixlib-shellout (~> 2.0)
      plist (~> 3.1)
      systemu (~> 2.6.4)
      wmi-lite (~> 1.0)
    plist (3.2.0)
    proxifier (1.0.3)
    rack (1.6.4)
    rake (11.1.2)
    rb-fsevent (0.9.7)
    rb-inotify (0.9.7)
      ffi (>= 0.5.0)
    rspec (3.4.0)
      rspec-core (~> 3.4.0)
      rspec-expectations (~> 3.4.0)
      rspec-mocks (~> 3.4.0)
    rspec-core (3.4.4)
      rspec-support (~> 3.4.0)
    rspec-expectations (3.4.0)
      diff-lcs (>= 1.2.0, < 2.0)
      rspec-support (~> 3.4.0)
    rspec-its (1.2.0)
      rspec-core (>= 3.0.0)
      rspec-expectations (>= 3.0.0)
    rspec-mocks (3.4.1)
      diff-lcs (>= 1.2.0, < 2.0)
      rspec-support (~> 3.4.0)
    rspec-support (3.4.1)
    rspec_junit_formatter (0.2.3)
      builder (< 4)
      rspec-core (>= 2, < 4, != 2.12.0)
    sass (3.4.21)
    serverspec (2.36.0)
      multi_json
      rspec (~> 3.0)
      rspec-its
      specinfra (~> 2.53)
    sfl (2.2)
    specinfra (2.59.2)
      net-scp
      net-ssh (>= 2.7, < 4.0)
      net-telnet
      sfl
    sshkit (1.10.0)
      net-scp (>= 1.1.2)
      net-ssh (>= 2.8.0)
    syslog-logger (1.6.8)
    systemu (2.6.5)
    uuidtools (2.1.5)
    wmi-lite (1.0.0)

PLATFORMS
  ruby

DEPENDENCIES
  capistrano (~> 3.4)
  compass (= 1.0.3)
  knife-solo
  sass (= 3.4.21)

BUNDLED WITH
   1.12.5
